NUGET
  remote: https://www.nuget.org/api/v2
  specs:
    Basis.Core (1.1.3)
    Chessie (0.5.1)
      FSharp.Core
    EntityFramework (6.1.3)
    FSharp.Core (4.0.0.1)
    SQLite.CodeFirst (1.2.0.12)
      EntityFramework (>= 6.1)
    System.Data.SQLite (1.0.101)
      System.Data.SQLite.Core (>= 1.0.101) - framework: net20, net40, net45, net451, >= net46
      System.Data.SQLite.EF6 (>= 1.0.101) - framework: net40, net45, net451, >= net46
      System.Data.SQLite.Linq (>= 1.0.101) - framework: net20, net40, net45, net451, >= net46
    System.Data.SQLite.Core (1.0.101)
    System.Data.SQLite.EF6 (1.0.101)
      EntityFramework (>= 6.0) - framework: net40, net45, net451, >= net46
    System.Data.SQLite.Linq (1.0.101)
GITHUB
  remote: vain0/dyxi
  specs:
    FULLPROJECT (ca9719f533d5b17268116d946533a2f816bc6fbf)
      Basis.Core
      Chessie